GEM
  remote: https://rubygems.org/
  specs:
    minitest (5.8.0)
    minitest-line (0.6.3)
      minitest (~> 5.0)
    rake (10.4.2)
    ruby-processing (2.6.14)

PLATFORMS
  java

DEPENDENCIES
  minitest
  minitest-line
  rake
  ruby-processing

BUNDLED WITH
   1.10.6
