GIT
  remote: git://github.com/ffi/ffi.git
  revision: 4fefc67632c8728fb4ad8f2476ccdea7371bd15b
  specs:
    ffi (1.7.0)

GEM
  remote: https://rubygems.org/
  specs:
    binding_of_caller (0.7.1)
      debug_inspector (>= 0.0.1)
    coderay (1.0.9)
    debug_inspector (0.0.2)
    method_source (0.8.1)
    minitest (4.7.0)
    pry (0.9.12)
      coderay (~> 1.0.5)
      method_source (~> 0.8)
      slop (~> 3.4)
    pry (0.9.12-java)
      coderay (~> 1.0.5)
      method_source (~> 0.8)
      slop (~> 3.4)
      spoon (~> 0.0)
    pry-stack_explorer (0.4.9)
      binding_of_caller (>= 0.7)
      pry (~> 0.9.11)
    pry_debug (0.1.0)
      pry (~> 0.9.0)
    ruby-processing (1.0.11)
    slop (3.4.4)
    spoon (0.0.3)
      ffi

PLATFORMS
  java
  ruby

DEPENDENCIES
  ffi!
  minitest
  pry
  pry-stack_explorer
  pry_debug
  ruby-processing
  spoon
