GEM
  remote: https://rubygems.org/
  specs:
    minitest (4.3.3)
    ruby-processing (1.0.11)

PLATFORMS
  ruby

DEPENDENCIES
  minitest
  ruby-processing
