GEM
  remote: https://rubygems.org/
  specs:
    coderay (1.1.0)
    ffi (1.9.3-java)
    method_source (0.8.2)
    minitest (5.8.0)
    minitest-line (0.6.3)
      minitest (~> 5.0)
    pry (0.10.1)
      coderay (~> 1.1.0)
      method_source (~> 0.8.1)
      slop (~> 3.4)
    pry (0.10.1-java)
      coderay (~> 1.1.0)
      method_source (~> 0.8.1)
      slop (~> 3.4)
      spoon (~> 0.0)
    rake (10.4.2)
    rasem (0.6.1)
    ruby-processing (2.6.14)
    slop (3.6.0)
    spoon (0.0.4)
      ffi

PLATFORMS
  java
  ruby

DEPENDENCIES
  minitest
  minitest-line
  pry
  rake
  rasem
  ruby-processing

BUNDLED WITH
   1.10.6
